GEM
  remote: https://rubygems.org/
  specs:
    activesupport (5.1.7)
      concurrent-ruby (~> 1.0, >= 1.0.2)
      i18n (>= 0.7, < 2)
      minitest (~> 5.1)
      tzinfo (~> 1.1)
    aws-eventstream (1.0.3)
    aws-partitions (1.216.0)
    aws-sdk-core (3.68.0)
      aws-eventstream (~> 1.0, >= 1.0.2)
      aws-partitions (~> 1.0)
      aws-sigv4 (~> 1.1)
      jmespath (~> 1.0)
    aws-sdk-kms (1.24.0)
      aws-sdk-core (~> 3, >= 3.61.1)
      aws-sigv4 (~> 1.1)
    aws-sdk-s3 (1.48.0)
      aws-sdk-core (~> 3, >= 3.61.1)
      aws-sdk-kms (~> 1)
      aws-sigv4 (~> 1.1)
    aws-sigv4 (1.1.0)
      aws-eventstream (~> 1.0, >= 1.0.2)
    backports (3.15.0)
    concurrent-ruby (1.1.5)
    docile (1.3.2)
    domain_name (0.5.20190701)
      unf (>= 0.0.5, < 1.0.0)
    erubis (2.7.0)
    faraday (0.15.4)
      multipart-post (>= 1.2, < 3)
    faraday_middleware (0.13.1)
      faraday (>= 0.7.4, < 1.0)
    gli (2.19.0)
    gooddata (2.1.6)
      activesupport (> 4.2.9, < 5.2)
      aws-sdk-s3 (~> 1.16)
      backports
      docile (~> 1.1)
      erubis (~> 2.7)
      gli (~> 2.15)
      highline (= 2.0.0.pre.develop.14)
      json_pure (~> 1.8)
      multi_json (~> 1.12)
      parseconfig (~> 1.0)
      pmap (~> 1.1)
      remote_syslog_logger (~> 1.0.3)
      rest-client (~> 2.0)
      restforce (~> 2.4)
      rubyzip (~> 1.2, >= 1.2.1)
      salesforce_bulk_query (~> 0.2)
      terminal-table (~> 1.7)
      thread_safe
      tty-spinner
    hashie (3.6.0)
    highline (2.0.0.pre.develop.14)
    http-accept (1.7.0)
    http-cookie (1.0.3)
      domain_name (~> 0.5)
    i18n (1.6.0)
      concurrent-ruby (~> 1.0)
    jmespath (1.4.0)
    json (1.8.6)
    json_pure (1.8.6)
    mime-types (3.3)
      mime-types-data (~> 3.2015)
    mime-types-data (3.2019.0904)
    minitest (5.11.3)
    multi_json (1.13.1)
    multipart-post (2.1.1)
    netrc (0.11.0)
    parseconfig (1.0.8)
    pmap (1.1.1)
    remote_syslog_logger (1.0.4)
      syslog_protocol
    rest-client (2.1.0)
      http-accept (>= 1.7.0, < 2.0)
      http-cookie (>= 1.0.2, < 2.0)
      mime-types (>= 1.16, < 4.0)
      netrc (~> 0.8)
    restforce (2.5.4)
      faraday (>= 0.9.0, <= 1.0)
      faraday_middleware (>= 0.8.8, <= 1.0)
      hashie (>= 1.2.0, < 4.0)
      json (>= 1.7.5)
    rubyzip (1.2.4)
    salesforce_bulk_query (0.2.0)
      json (~> 1.8)
      xml-simple (~> 1.1)
    syslog_protocol (0.9.2)
    terminal-table (1.8.0)
      unicode-display_width (~> 1.1, >= 1.1.1)
    thread_safe (0.3.6)
    tty-cursor (0.7.0)
    tty-spinner (0.9.1)
      tty-cursor (~> 0.7)
    tzinfo (1.2.5)
      thread_safe (~> 0.1)
    unf (0.1.4)
      unf_ext
    unf_ext (0.0.7.6)
    unicode-display_width (1.6.0)
    xml-simple (1.1.5)

PLATFORMS
  ruby

DEPENDENCIES
  gooddata (= 2.1.6)
